GEM
  remote: https://rubygems.org/
  specs:
    bindata (2.1.0)
    configatron (3.2.0)
    highline (1.6.21)
    lifx (0.4.8)
      bindata (~> 2.0)
      configatron (~> 3.0)
      timers (~> 1.0)
    terminal-table (1.4.5)
    timers (1.1.0)

PLATFORMS
  ruby

DEPENDENCIES
  highline (~> 1.6)
  lifx (~> 0.4)
  terminal-table
