GEM
  remote: https://rubygems.org/
  specs:
    bindata (2.0.0)
    configatron (3.1.3)
    highline (1.6.21)
    lifx (0.4.7)
      bindata (~> 2.0)
      configatron (~> 3.0)
      timers (~> 1.0)
    timers (1.1.0)

PLATFORMS
  ruby

DEPENDENCIES
  highline (~> 1.6)
  lifx (~> 0.4)
